GEM
  remote: https://rubygems.org/
  specs:
    addressable (2.3.5)
    json (1.8.1)
    mime-types (2.0)
    multi_json (1.8.2)
    mysql2 (0.3.14)
    oj (2.0.14)
    puma (2.6.0)
      rack (>= 1.1, < 2.0)
    rack (1.5.2)
    rack-protection (1.5.1)
      rack
    rest-client (1.6.7)
      mime-types (>= 1.16)
    shotgun (0.9)
      rack (>= 1.0)
    sinatra (1.4.4)
      rack (~> 1.4)
      rack-protection (~> 1.4)
      tilt (~> 1.3, >= 1.3.4)
    tilt (1.4.1)
    yam (1.0.0)
      addressable (~> 2.3.3)
      multi_json (~> 1.3)
      oj (~> 2.0.10)
      rest-client (~> 1.6.7)

PLATFORMS
  ruby

DEPENDENCIES
  json
  mysql2
  puma
  rest-client
  shotgun
  sinatra
  yam
